NUGET
  remote: https://www.nuget.org/api/v2
    FSharp.Core (4.5) - restriction: && (< net40) (< portable-net45+win8+wp8+wpa81)
    FSharp.Data (2.4.6)
      FSharp.Core (>= 4.0.0.1) - restriction: && (< net40) (< portable-net45+win8+wp8+wpa81)
      Zlib.Portable (>= 1.11) - restriction: || (&& (< net40) (>= portable-net45+win8)) (&& (< net40) (< portable-net45+win8) (>= portable-net45+win8+wp8+wpa81))
    Zlib.Portable (1.11) - restriction: || (&& (< net40) (>= portable-net45+win8)) (&& (< net40) (< portable-net45+win8) (>= portable-net45+win8+wp8+wpa81))
GITHUB
  remote: cboudereau/fsharplib
    core.fs (357b6d39c32c903bcb240608f47b1dea3f7ecea7)
    log.fs (357b6d39c32c903bcb240608f47b1dea3f7ecea7)
    parsing.fs (357b6d39c32c903bcb240608f47b1dea3f7ecea7)
    string.fs (357b6d39c32c903bcb240608f47b1dea3f7ecea7)